GIT
  remote: git://github.com/AmoebaConsulting/AmoebaStorybook.git
  revision: cbc720e400b0e21275b554dfb7ca3dadd6f9e338
  specs:
    amoeba-storybook (0.0.23)

GIT
  remote: git://github.com/AmoebaConsulting/amoeba-js.git
  revision: be588b5cd38aaccfc4ad306a3d858425d210eee7
  specs:
    amoeba-js-rails (0.2.0)

GIT
  remote: git://github.com/ericam/compass-animation.git
  revision: 314d7bfb732eb42cb759942d96431f386f3c40a5
  specs:
    animation (0.1.alpha.3)
      compass (>= 0.12.0)
      sass (>= 3.2.0.alpha.95)

GEM
  remote: https://rubygems.org/
  specs:
    activesupport (3.2.13)
      i18n (= 0.6.1)
      multi_json (~> 1.0)
    chunky_png (1.2.7)
    coffee-script (2.2.0)
      coffee-script-source
      execjs
    coffee-script-source (1.3.3)
    compass (0.12.2)
      chunky_png (~> 1.2)
      fssm (>= 0.2.7)
      sass (~> 3.1)
    execjs (1.4.0)
      multi_json (~> 1.0)
    favicon_maker (0.0.9)
      mini_magick (~> 3.0)
    fssm (0.2.10)
    haml (4.0.1)
      tilt
    hike (1.2.1)
    http_router (0.10.2)
      rack (>= 1.0.0)
      url_mount (~> 0.2.1)
    httpclient (2.3.3)
    i18n (0.6.1)
    json (1.7.7)
    listen (0.7.3)
    maruku (0.6.1)
      syntax (>= 1.0.0)
    middleman (3.0.13)
      middleman-core (= 3.0.13)
      middleman-more (= 3.0.13)
      middleman-sprockets (~> 3.0.8)
    middleman-core (3.0.13)
      activesupport (~> 3.2.6)
      bundler (~> 1.1)
      listen (~> 0.7.3)
      rack (~> 1.4.1)
      rack-test (~> 0.6.1)
      rb-fsevent (~> 0.9.3)
      thor (~> 0.15.4)
      tilt (~> 1.3.6)
    middleman-favicon-maker (3.0.3)
      favicon_maker (~> 0.0.9)
      middleman-core (>= 3.0.0)
    middleman-more (3.0.13)
      coffee-script (~> 2.2.0)
      coffee-script-source (~> 1.3.3)
      compass (>= 0.12.2)
      execjs (~> 1.4.0)
      haml (>= 3.1.6)
      i18n (~> 0.6.0, < 0.6.2)
      maruku (~> 0.6.0)
      middleman-core (= 3.0.13)
      padrino-helpers (= 0.10.7)
      sass (>= 3.1.20)
      uglifier (~> 1.2.6)
    middleman-smusher (3.0.0)
      middleman (>= 3.0.0)
      smusher (~> 0.4.9)
    middleman-sprockets (3.0.10)
      middleman-more (>= 3.0.11)
      sprockets (~> 2.1, < 2.5)
      sprockets-sass (~> 0.9.1)
    mini_magick (3.5.0)
      subexec (~> 0.2.1)
    multi_json (1.7.2)
    padrino-core (0.10.7)
      activesupport (~> 3.2.0)
      http_router (~> 0.10.2)
      sinatra (~> 1.3.1)
      thor (~> 0.15.2)
      tilt (~> 1.3.0)
    padrino-helpers (0.10.7)
      i18n (~> 0.6)
      padrino-core (= 0.10.7)
    rack (1.4.5)
    rack-protection (1.5.0)
      rack
    rack-test (0.6.2)
      rack (>= 1.0)
    rake (10.0.4)
    rb-fsevent (0.9.3)
    sass (3.2.7)
    sinatra (1.3.6)
      rack (~> 1.4)
      rack-protection (~> 1.3)
      tilt (~> 1.3, >= 1.3.3)
    smusher (0.4.9)
      httpclient (>= 2.2)
      json
      rake
    sprockets (2.4.5)
      hike (~> 1.2)
      multi_json (~> 1.0)
      rack (~> 1.0)
      tilt (~> 1.1, != 1.3.0)
    sprockets-sass (0.9.1)
      sprockets (~> 2.0)
      tilt (~> 1.1)
    steering (1.2.0)
      execjs (>= 1.3.0)
      steering-source (>= 1.0.rc.1)
    steering-source (1.0.rc.1)
    subexec (0.2.2)
    syntax (1.0.0)
    thor (0.15.4)
    tilt (1.3.6)
    uglifier (1.2.7)
      execjs (>= 0.3.0)
      multi_json (~> 1.3)
    url_mount (0.2.1)
      rack

PLATFORMS
  ruby

DEPENDENCIES
  amoeba-js-rails!
  amoeba-storybook!
  animation!
  middleman (~> 3.0.5)
  middleman-favicon-maker (~> 3.0.0)
  middleman-smusher (~> 3.0.0)
  sass (~> 3.2.5)
  steering (~> 1.2.0)
